NUGET
  remote: https://nuget.org/api/v2
  specs:
    FAKE (3.29.2)
    FSharp.Core (3.1.2.1)
    FSharp.Data (2.2.2)
      Zlib.Portable (>= 1.10.0) - framework: portable-net40+sl50+wp80+win80
    FsPickler (1.0.17)
    FsPickler.Json (1.0.17)
      FsPickler (1.0.17)
      Newtonsoft.Json (>= 6.0.5)
    Newtonsoft.Json (6.0.8)
    Suave (0.26.1)
      FSharp.Core (>= 3.1.2.1)
      FsPickler (>= 1.0.7)
    Zlib.Portable (1.10.0) - framework: portable-net40+sl50+wp80+win80
